PATH
  remote: .
  specs:
    tome (0.1.2.pre)
      clipboard (~> 1.0)
      ffi (~> 1.0)
      passgen (~> 1.0)

GEM
  remote: http://rubygems.org/
  specs:
    clipboard (1.0.1)
    ffi (1.0.11)
    passgen (1.0.2)

PLATFORMS
  x86-mingw32

DEPENDENCIES
  tome!
